GEM
  remote: https://rubygems.org/
  specs:
    alfred-workflow (2.0.5)
      fuzzy_match (>= 2.0.4)
      gyoku (>= 1.1.0)
      moneta (>= 0.7.19)
      nori (>= 2.3.0)
      plist (>= 3.1.0)
      terminal-notifier (>= 1.5.0)
    builder (3.2.4)
    chef-utils (16.9.32)
    fuzzy_match (2.1.0)
    gyoku (1.3.1)
      builder (>= 2.1.2)
    mixlib-shellout (3.2.2)
      chef-utils
    moneta (1.4.1)
    nori (2.6.0)
    plist (3.6.0)
    terminal-notifier (2.0.0)

PLATFORMS
  ruby

DEPENDENCIES
  alfred-workflow
  mixlib-shellout
  plist

BUNDLED WITH
   1.17.2
